GEM
  remote: https://rubygems.org/
  specs:
    flickraw (0.8.3)
      json (>= 1.1.1)
    haml (3.0.25)
    json (1.4.6)
    rack (1.2.1)
    sinatra (1.1.2)
      rack (~> 1.1)
      tilt (~> 1.2)
    tilt (1.2.2)

PLATFORMS
  ruby

DEPENDENCIES
  flickraw
  haml
  sinatra
